GEM
  remote: http://rubygems.org/
  specs:
    aliyun-oss (0.7.0.1397365150)
      builder
      mime-types
      xml-simple
    builder (3.2.2)
    coderay (1.1.0)
    hoe (2.12.5)
      rake (~> 0.8)
    json (1.8.1)
    method_source (0.8.2)
    mime-types (2.2)
    net-http-persistent (2.9.4)
    pry (0.9.12.6)
      coderay (~> 1.0)
      method_source (~> 0.8)
      slop (~> 3.4)
    rake (0.9.6)
    rdoc (4.1.1)
      json (~> 1.4)
    slop (3.5.0)
    xml-simple (1.1.3)

PLATFORMS
  ruby

DEPENDENCIES
  aliyun-oss
  builder (>= 2.1.2)
  hoe (~> 2.12.5)
  net-http-persistent (>= 2.1)
  pry
  rdoc
